GEM
  remote: https://rubygems.org/
  specs:
    async (1.24.2)
      console (~> 1.0)
      nio4r (~> 2.3)
      timers (~> 4.1)
    async-dns (1.2.5)
      async-io (~> 1.15)
    async-io (1.27.3)
      async (~> 1.14)
    console (1.8.1)
    nio4r (2.5.2)
    rubydns (2.0.2)
      async-dns (~> 1.0)
    timers (4.3.0)

PLATFORMS
  ruby

DEPENDENCIES
  rubydns (~> 2.0)

BUNDLED WITH
   2.1.2
